PATH
  remote: .
  specs:
    varnisher (1.0.beta.2)
      main (~> 5.2.0)
      nokogiri (~> 1.6.0)
      parallel (~> 0.7.1)

GEM
  remote: https://rubygems.org/
  specs:
    activesupport (4.0.0)
      i18n (~> 0.6, >= 0.6.4)
      minitest (~> 4.2)
      multi_json (~> 1.3)
      thread_safe (~> 0.1)
      tzinfo (~> 0.3.37)
    arrayfields (4.9.0)
    atomic (1.1.10)
    awesome_print (1.1.0)
    chronic (0.9.1)
    colorize (0.5.8)
    fattr (2.2.1)
    i18n (0.6.4)
    letters (0.4.1)
      activesupport
      awesome_print
      colorize
      xml-simple
    main (5.2.0)
      arrayfields (>= 4.7.4)
      chronic (>= 0.6.2)
      fattr (>= 2.2.0)
      map (>= 5.1.0)
    map (6.5.1)
    mini_portile (0.5.1)
    minitest (4.7.5)
    multi_json (1.7.7)
    nokogiri (1.6.0)
      mini_portile (~> 0.5.0)
    parallel (0.7.1)
    thread_safe (0.1.2)
      atomic
    tzinfo (0.3.37)
    xml-simple (1.1.2)
    yard (0.8.7)

PLATFORMS
  ruby

DEPENDENCIES
  letters (~> 0.4.1)
  varnisher!
  yard (~> 0.8.7)
